GEM
  remote: http://rubygems.org/
  specs:
    bson (1.8.5)
    mongo (1.8.5)
      bson (~> 1.8.5)
    rack (1.5.2)
    rack-protection (1.5.0)
      rack
    sinatra (1.4.2)
      rack (~> 1.5, >= 1.5.2)
      rack-protection (~> 1.4)
      tilt (~> 1.3, >= 1.3.4)
    tilt (1.3.7)

PLATFORMS
  ruby

DEPENDENCIES
  mongo
  sinatra
